GEM
  remote: https://rubygems.org/
  specs:
    ansi (1.5.0)
    builder (3.2.3)
    childprocess (0.9.0)
      ffi (~> 1.0, >= 1.0.11)
    coderay (1.1.2)
    ffi (1.9.25)
    method_source (0.9.0)
    mini_portile2 (2.3.0)
    minitest (5.11.3)
    minitest-reporters (1.3.5)
      ansi
      builder
      minitest (>= 5.0)
      ruby-progressbar
    nokogiri (1.8.5)
      mini_portile2 (~> 2.3.0)
    pg (1.1.3)
    pry (0.11.3)
      coderay (~> 1.1.0)
      method_source (~> 0.9.0)
    ruby-progressbar (1.10.0)
    rubyzip (1.2.2)
    selenium-webdriver (3.12.0)
      childprocess (~> 0.5)
      rubyzip (~> 1.2)

PLATFORMS
  ruby

DEPENDENCIES
  minitest (~> 5.10)
  minitest-reporters (~> 1.1)
  nokogiri
  pg
  pry
  selenium-webdriver (~> 3.12.0)

RUBY VERSION
   ruby 2.5.0p0

BUNDLED WITH
   1.17.1
